GEM
  remote: https://rubygems.org/
  specs:
    addressable (2.3.5)
    atomic (1.1.14)
    buftok (0.2.0)
    builder (3.2.2)
    cinch (2.0.12)
    coderay (1.1.0)
    crack (0.4.2)
      safe_yaml (~> 1.0.0)
    dante (0.2.0)
    equalizer (0.0.9)
    excon (0.31.0)
    faraday (0.9.0)
      multipart-post (>= 1.2, < 3)
    http (0.5.0)
      http_parser.rb
    http_parser.rb (0.6.0)
    httparty (0.12.0)
      json (~> 1.8)
      multi_xml (>= 0.5.2)
    httpclient (2.3.4.1)
    json (1.8.1)
    jwt (0.1.11)
      multi_json (>= 1.5)
    memoizable (0.4.0)
      thread_safe (~> 0.1.3)
    method_source (0.8.2)
    multi_json (1.8.4)
    multi_xml (0.5.5)
    multipart-post (2.0.0)
    naught (1.0.0)
    nokogiri (1.5.11)
    oauth (0.4.7)
    oauth2 (0.9.3)
      faraday (>= 0.8, < 0.10)
      jwt (~> 0.1.8)
      multi_json (~> 1.3)
      multi_xml (~> 0.5)
      rack (~> 1.2)
    pg (0.17.1)
    pry (0.9.12.6)
      coderay (~> 1.0)
      method_source (~> 0.8)
      slop (~> 3.4)
    pry-doc (0.5.1)
      pry (>= 0.9)
      yard (>= 0.8)
    pry-theme (1.0.2)
      coderay (~> 1.1)
      json (~> 1.8)
    rack (1.5.2)
    rake (10.1.1)
    safe_yaml (1.0.1)
    sanitize (2.1.0)
      nokogiri (>= 1.4.4)
    sequel (4.7.0)
    simple_oauth (0.2.0)
    slop (3.4.7)
    sqlite3 (1.3.8)
    thread_safe (0.1.3)
      atomic
    twitter (5.7.0)
      addressable (~> 2.3)
      buftok (~> 0.2.0)
      equalizer (~> 0.0.9)
      faraday (~> 0.9.0)
      http (~> 0.5.0)
      http_parser.rb (~> 0.6.0)
      json (~> 1.8)
      memoizable (~> 0.4.0)
      naught (~> 1.0)
      simple_oauth (~> 0.2.0)
    webmock (1.17.2)
      addressable (>= 2.2.7)
      crack (>= 0.3.2)
    wunderground (1.1.0)
      addressable
      httparty (> 0.6.0)
      json (> 1.4.0)
    yard (0.8.7.3)
    youtube_it (2.3.2)
      builder
      excon
      faraday (~> 0.8)
      json (~> 1.8.0)
      nokogiri (~> 1.5.2)
      oauth (~> 0.4.4)
      oauth2 (~> 0.6)
      simple_oauth (>= 0.1.5)
      webmock

PLATFORMS
  ruby

DEPENDENCIES
  cinch
  dante
  httpclient
  nokogiri
  pg
  pry
  pry-doc
  pry-theme
  rake
  sanitize
  sequel
  sqlite3
  twitter (~> 5.7)
  wunderground
  youtube_it (~> 2.3)
