GEM
  remote: http://rubygems.org/
  specs:
    bacon (1.1.0)
    cinch (2.0.3)
    httparty (0.8.3)
      multi_json (~> 1.0)
      multi_xml
    multi_json (1.3.6)
    multi_xml (0.5.1)
    nokogiri (1.5.5)
    rake (0.9.2.2)
    sanitize (2.0.3)
      nokogiri (>= 1.4.4, < 1.6)
    sequel (3.37.0)
    shebang (0.1)

PLATFORMS
  ruby

DEPENDENCIES
  bacon
  cinch
  httparty
  nokogiri
  rake
  sanitize
  sequel
  shebang
