GEM
  remote: http://rubygems.org/
  specs:
    addressable (2.2.8)
    bacon (1.1.0)
    builder (3.0.0)
    cinch (2.0.3)
    crack (0.3.1)
    faraday (0.8.1)
      multipart-post (~> 1.1)
    faraday_middleware (0.8.8)
      faraday (>= 0.7.4, < 0.9)
    httparty (0.9.0)
      multi_json (~> 1.0)
      multi_xml
    httpauth (0.1)
    json (1.7.3)
    jwt (0.1.4)
      json (>= 1.2.4)
    multi_json (1.3.6)
    multi_xml (0.5.1)
    multipart-post (1.1.5)
    nokogiri (1.5.5)
    oauth (0.4.6)
    oauth2 (0.8.0)
      faraday (~> 0.8)
      httpauth (~> 0.1)
      jwt (~> 0.1.4)
      multi_json (~> 1.0)
      rack (~> 1.2)
    pg (0.14.0)
    rack (1.4.1)
    rake (0.9.2.2)
    sanitize (2.0.3)
      nokogiri (>= 1.4.4, < 1.6)
    sequel (3.37.0)
    shebang (0.1)
    simple_oauth (0.1.8)
    sqlite3 (1.3.6)
    twitter (3.1.1)
      faraday (~> 0.8)
      multi_json (~> 1.3)
      simple_oauth (~> 0.1.6)
    webmock (1.8.7)
      addressable (>= 2.2.7)
      crack (>= 0.1.7)
    wunderground (1.0.0)
      addressable
      httparty (> 0.6.0)
      json (> 1.4.0)
    youtube_it (2.1.7)
      builder
      faraday (~> 0.8)
      nokogiri (~> 1.5.2)
      oauth (~> 0.4.4)
      oauth2 (~> 0.6)
      simple_oauth (~> 0.1.5)

PLATFORMS
  ruby

DEPENDENCIES
  bacon
  cinch
  faraday
  faraday_middleware
  nokogiri
  pg
  rake
  sanitize
  sequel
  shebang
  sqlite3
  twitter
  webmock
  wunderground
  youtube_it
